GEM
  remote: https://rubygems.org/
  specs:
    aws-s3 (0.6.3)
      builder
      mime-types
      xml-simple
    builder (3.2.3)
    byebug (9.0.6)
    mime-types (3.1)
      mime-types-data (~> 3.2015)
    mime-types-data (3.2016.0521)
    xml-simple (1.1.5)

PLATFORMS
  ruby

DEPENDENCIES
  aws-s3
  byebug

BUNDLED WITH
   1.14.6
